GEM
  remote: http://rubygems.org/
  specs:
    builder (3.0.0)
    commonwatir (2.0.4)
      user-choices
    cucumber (1.1.5)
      builder (>= 2.1.2)
      diff-lcs (>= 1.1.2)
      gherkin (~> 2.8.0)
      json (>= 1.4.6)
      term-ansicolor (>= 1.0.6)
    diff-lcs (1.1.3)
    fastercsv (1.5.4)
    ffi (1.0.11)
    gherkin (2.8.0-x86-mingw32)
      json (>= 1.4.6)
    git (1.2.5)
    hoe (2.13.1)
      rake (~> 0.8)
    jeweler (1.6.4)
      bundler (~> 1.0)
      git (>= 1.2.5)
      rake
    json (1.6.5)
    nokogiri (1.5.0-x86-mingw32)
    rake (0.9.2.2)
    rautomation (0.6.3)
    rspec (2.8.0)
      rspec-core (~> 2.8.0)
      rspec-expectations (~> 2.8.0)
      rspec-mocks (~> 2.8.0)
    rspec-core (2.8.0)
    rspec-expectations (2.8.0)
      diff-lcs (~> 1.1.2)
    rspec-mocks (2.8.0)
    s4t-utils (1.0.4)
      hoe (>= 1.3.0)
    term-ansicolor (1.0.7)
    user-choices (1.1.6.1)
      builder (>= 2.1.2)
      s4t-utils (>= 1.0.3)
      xml-simple (>= 1.0.11)
    watir (2.0.4)
      commonwatir (= 2.0.4)
      ffi (~> 1.0)
      nokogiri
      rautomation (~> 0.6.3)
      win32-process (>= 0.5.5)
      windows-pr (>= 0.6.6)
    win32-api (1.4.8-x86-mingw32)
    win32-process (0.6.5)
      windows-pr (>= 1.1.2)
    windows-api (0.4.1)
      win32-api (>= 1.4.5)
    windows-pr (1.2.1)
      win32-api (>= 1.4.5)
      windows-api (>= 0.3.0)
    xml-simple (1.1.1)

PLATFORMS
  x86-mingw32

DEPENDENCIES
  bundler (~> 1.0.0)
  cucumber
  fastercsv
  jeweler (~> 1.6.4)
  rspec (~> 2.8.0)
  watir
